GEM
  remote: https://rubygems.org/
  specs:
    i18n (0.8.6)
    mini_portile2 (2.3.0)
    nokogiri (1.8.1)
      mini_portile2 (~> 2.3.0)
    russian (0.6.0)
      i18n (>= 0.5.0)

PLATFORMS
  ruby

DEPENDENCIES
  nokogiri
  russian

BUNDLED WITH
   1.15.4
